GEM
  remote: https://rubygems.org/
  specs:
    cgi (0.3.0)
    dry-cli (0.7.0)
    erb (2.2.3)
      cgi

PLATFORMS
  x64-mingw32
  x86_64-darwin-20

DEPENDENCIES
  dry-cli (~> 0.7)
  erb (~> 2.2.3)

RUBY VERSION
   ruby 2.7.4p191

BUNDLED WITH
   2.2.27
